GEM
  remote: https://rubygems.org/
  specs:
    addressable (2.5.1)
      public_suffix (~> 2.0, >= 2.0.2)
    byebug (9.0.6)
    capybara (2.15.1)
      addressable
      mini_mime (>= 0.1.3)
      nokogiri (>= 1.3.3)
      rack (>= 1.0.0)
      rack-test (>= 0.5.4)
      xpath (~> 2.0)
    cliver (0.3.2)
    crass (1.0.2)
    declarative (0.0.9)
    declarative-option (0.1.0)
    faraday (0.12.2)
      multipart-post (>= 1.2, < 3)
    google-api-client (0.12.0)
      addressable (~> 2.5, >= 2.5.1)
      googleauth (~> 0.5)
      httpclient (>= 2.8.1, < 3.0)
      mime-types (~> 3.0)
      representable (~> 3.0)
      retriable (>= 2.0, < 4.0)
    google_drive (2.1.5)
      google-api-client (>= 0.11.0, < 0.13.0)
      googleauth (>= 0.5.0, < 1.0.0)
      nokogiri (>= 1.5.3, < 2.0.0)
    googleauth (0.5.3)
      faraday (~> 0.12)
      jwt (~> 1.4)
      logging (~> 2.0)
      memoist (~> 0.12)
      multi_json (~> 1.11)
      os (~> 0.9)
      signet (~> 0.7)
    httpclient (2.8.3)
    jwt (1.5.6)
    little-plugger (1.1.4)
    logging (2.2.2)
      little-plugger (~> 1.1)
      multi_json (~> 1.10)
    memoist (0.16.0)
    mime-types (3.1)
      mime-types-data (~> 3.2015)
    mime-types-data (3.2016.0521)
    mini_mime (0.1.4)
    mini_portile2 (2.2.0)
    multi_json (1.12.1)
    multipart-post (2.0.0)
    nokogiri (1.8.0)
      mini_portile2 (~> 2.2.0)
    nokogumbo (1.4.13)
      nokogiri
    open_uri_redirections (0.2.1)
    os (0.9.6)
    poltergeist (1.16.0)
      capybara (~> 2.1)
      cliver (~> 0.3.1)
      websocket-driver (>= 0.2.0)
    public_suffix (2.0.5)
    rack (2.0.3)
    rack-test (0.7.0)
      rack (>= 1.0, < 3)
    representable (3.0.4)
      declarative (< 0.1.0)
      declarative-option (< 0.2.0)
      uber (< 0.2.0)
    retriable (3.1.1)
    sanitize (4.5.0)
      crass (~> 1.0.2)
      nokogiri (>= 1.4.4)
      nokogumbo (~> 1.4.1)
    signet (0.7.3)
      addressable (~> 2.3)
      faraday (~> 0.9)
      jwt (~> 1.5)
      multi_json (~> 1.10)
    uber (0.1.0)
    websocket-driver (0.6.5)
      websocket-extensions (>= 0.1.0)
    websocket-extensions (0.1.2)
    xpath (2.1.0)
      nokogiri (~> 1.3)

PLATFORMS
  ruby

DEPENDENCIES
  byebug (~> 9.0, >= 9.0.5)
  capybara (~> 2.7, >= 2.7.1)
  google-api-client (~> 0.12.0)
  google_drive (~> 2.1, >= 2.1.5)
  nokogiri (~> 1.6, >= 1.6.8)
  open_uri_redirections (~> 0.2.1)
  poltergeist (~> 1.10)
  sanitize (~> 4.0, >= 4.0.1)

BUNDLED WITH
   1.15.3
